GEM
  remote: https://rubygems.org/
  specs:
    backports (3.6.8)
    dalli (2.7.6)
    foreman (0.82.0)
      thor (~> 0.19.1)
    git-version-bump (0.15.1)
    haml (4.0.7)
      tilt
    json (1.8.3)
    multi_json (1.12.1)
    rack (1.6.4)
    rack-cache (1.6.1)
      rack (>= 0.4)
    rack-contrib (1.4.0)
      git-version-bump (~> 0.15)
      rack (~> 1.4)
    rack-protection (1.5.3)
      rack
    rack-test (0.6.3)
      rack (>= 1.0)
    sinatra (1.4.7)
      rack (~> 1.5)
      rack-protection (~> 1.4)
      tilt (>= 1.3, < 3)
    sinatra-contrib (1.4.7)
      backports (>= 2.0)
      multi_json
      rack-protection
      rack-test
      sinatra (~> 1.4.0)
      tilt (>= 1.3, < 3)
    sinatra-flash (0.3.0)
      sinatra (>= 1.0.0)
    sinatra-json (0.1.0)
      multi_json (~> 1.0)
      sinatra (~> 1.0)
    sinatra-param (1.4.0)
      sinatra (~> 1.3)
    sinatra-partial (0.4.0)
      sinatra
    thor (0.19.1)
    tilt (2.0.4)

PLATFORMS
  ruby

DEPENDENCIES
  dalli (~> 2.7.6)
  foreman (~> 0.82.0)
  haml (~> 4.0.7)
  json (~> 1.8.3)
  rack-cache (~> 1.6.1)
  rack-contrib (~> 1.4.0)
  sinatra (~> 1.4.7)
  sinatra-contrib (~> 1.4.7)
  sinatra-flash (~> 0.3.0)
  sinatra-json (~> 0.1.0)
  sinatra-param (~> 1.4.0)
  sinatra-partial (~> 0.4.0)

BUNDLED WITH
   1.12.4
