GEM
  remote: https://rubygems.org/
  specs:
    activesupport (5.2.3)
      concurrent-ruby (~> 1.0, >= 1.0.2)
      i18n (>= 0.7, < 2)
      minitest (~> 5.1)
      tzinfo (~> 1.1)
    backports (3.14.0)
    concurrent-ruby (1.1.5)
    dalli (2.7.10)
    ffi (1.10.0)
    foreman (0.85.0)
      thor (~> 0.19.1)
    haml (5.0.4)
      temple (>= 0.8.0)
      tilt
    i18n (1.6.0)
      concurrent-ruby (~> 1.0)
    json (2.2.0)
    minitest (5.11.3)
    multi_json (1.13.1)
    mustermann (1.0.3)
    puma (3.12.1)
    rack (2.0.7)
    rack-cache (1.9.0)
      rack (>= 0.4)
    rack-protection (2.0.5)
      rack
    recursive-open-struct (1.1.0)
    rrd-ffi (0.2.14)
      activesupport
      ffi
    sinatra (2.0.5)
      mustermann (~> 1.0)
      rack (~> 2.0)
      rack-protection (= 2.0.5)
      tilt (~> 2.0)
    sinatra-contrib (2.0.5)
      backports (>= 2.8.2)
      multi_json
      mustermann (~> 1.0)
      rack-protection (= 2.0.5)
      sinatra (= 2.0.5)
      tilt (>= 1.3, < 3)
    sinatra-flash (0.3.0)
      sinatra (>= 1.0.0)
    sinatra-partial (1.0.1)
      sinatra (>= 1.4)
    temple (0.8.1)
    thor (0.19.4)
    thread_safe (0.3.6)
    tilt (2.0.9)
    tzinfo (1.2.5)
      thread_safe (~> 0.1)

PLATFORMS
  ruby

DEPENDENCIES
  dalli
  foreman
  haml
  json
  puma
  rack-cache
  recursive-open-struct
  rrd-ffi
  sinatra
  sinatra-contrib
  sinatra-flash
  sinatra-partial

RUBY VERSION
   ruby 2.4.3p205

BUNDLED WITH
   1.17.3
