GEM
  remote: https://rubygems.org/
  specs:
    activesupport (5.1.4)
      concurrent-ruby (~> 1.0, >= 1.0.2)
      i18n (~> 0.7)
      minitest (~> 5.1)
      tzinfo (~> 1.1)
    backports (3.8.0)
    concurrent-ruby (1.0.5)
    dalli (2.7.6)
    ffi (1.9.18)
    foreman (0.82.0)
      thor (~> 0.19.1)
    haml (4.0.7)
      tilt
    i18n (0.8.6)
    json (2.1.0)
    minitest (5.10.3)
    multi_json (1.12.2)
    rack (1.6.8)
    rack-cache (1.7.1)
      rack (>= 0.4)
    rack-contrib (1.6.0)
      rack (~> 1.4)
    rack-protection (1.5.3)
      rack
    rack-test (0.7.0)
      rack (>= 1.0, < 3)
    recursive-open-struct (1.0.5)
    rrd-ffi (0.2.14)
      activesupport
      ffi
    sinatra (1.4.8)
      rack (~> 1.5)
      rack-protection (~> 1.4)
      tilt (>= 1.3, < 3)
    sinatra-contrib (1.4.7)
      backports (>= 2.0)
      multi_json
      rack-protection
      rack-test
      sinatra (~> 1.4.0)
      tilt (>= 1.3, < 3)
    sinatra-flash (0.3.0)
      sinatra (>= 1.0.0)
    sinatra-json (0.1.0)
      multi_json (~> 1.0)
      sinatra (~> 1.0)
    sinatra-param (1.4.0)
      sinatra (~> 1.3)
    sinatra-partial (1.0.1)
      sinatra (>= 1.4)
    thor (0.19.4)
    thread_safe (0.3.6)
    tilt (2.0.8)
    tzinfo (1.2.3)
      thread_safe (~> 0.1)

PLATFORMS
  ruby

DEPENDENCIES
  dalli (~> 2.7.6)
  foreman (~> 0.82.0)
  haml (~> 4.0.7)
  json (~> 2.1.0)
  rack-cache (~> 1.7.1)
  rack-contrib (~> 1.6.0)
  recursive-open-struct (~> 1.0.5)
  rrd-ffi (~> 0.2.14)
  sinatra (~> 1.4.8)
  sinatra-contrib (~> 1.4.7)
  sinatra-flash (~> 0.3.0)
  sinatra-json (~> 0.1.0)
  sinatra-param (~> 1.4.0)
  sinatra-partial (~> 1.0.1)

RUBY VERSION
   ruby 2.3.3p222

BUNDLED WITH
   1.15.4
