GEM
  remote: https://rubygems.org/
  specs:
    activesupport (5.1.4)
      concurrent-ruby (~> 1.0, >= 1.0.2)
      i18n (~> 0.7)
      minitest (~> 5.1)
      tzinfo (~> 1.1)
<<<<<<< HEAD
    backports (3.11.0)
=======
    backports (3.10.3)
>>>>>>> dded353d056350190bd68545c9c30b10629f47f8
    concurrent-ruby (1.0.5)
    dalli (2.7.6)
    ffi (1.9.18)
    foreman (0.82.0)
      thor (~> 0.19.1)
    haml (5.0.4)
      temple (>= 0.8.0)
      tilt
    i18n (0.9.1)
      concurrent-ruby (~> 1.0)
    json (2.1.0)
    minitest (5.10.3)
    multi_json (1.12.2)
    mustermann (1.0.1)
    rack (2.0.3)
    rack-cache (1.7.1)
      rack (>= 0.4)
    rack-protection (2.0.0)
      rack
<<<<<<< HEAD
    rack-test (0.8.2)
      rack (>= 1.0, < 3)
=======
>>>>>>> dded353d056350190bd68545c9c30b10629f47f8
    recursive-open-struct (1.0.5)
    rrd-ffi (0.2.14)
      activesupport
      ffi
    sinatra (2.0.0)
      mustermann (~> 1.0)
      rack (~> 2.0)
      rack-protection (= 2.0.0)
      tilt (~> 2.0)
    sinatra-contrib (2.0.0)
      backports (>= 2.0)
      multi_json
      mustermann (~> 1.0)
      rack-protection (= 2.0.0)
      sinatra (= 2.0.0)
      tilt (>= 1.3, < 3)
    sinatra-flash (0.3.0)
      sinatra (>= 1.0.0)
    sinatra-partial (1.0.1)
      sinatra (>= 1.4)
    temple (0.8.0)
    thor (0.19.4)
    thread_safe (0.3.6)
    tilt (2.0.8)
    tzinfo (1.2.4)
      thread_safe (~> 0.1)

PLATFORMS
  ruby

DEPENDENCIES
  dalli (~> 2.7.6)
  foreman (~> 0.82.0)
  haml (~> 5.0.0)
  json (~> 2.1.0)
  rack-cache (~> 1.7.1)
  recursive-open-struct (~> 1.0.5)
  rrd-ffi (~> 0.2.14)
  sinatra (~> 2.0)
  sinatra-contrib (~> 2.0)
  sinatra-flash
  sinatra-partial

RUBY VERSION
<<<<<<< HEAD
   ruby 2.4.3p205

BUNDLED WITH
   1.16.1
=======
   ruby 2.4.2p198

BUNDLED WITH
   1.16.0
>>>>>>> dded353d056350190bd68545c9c30b10629f47f8
