GEM
  remote: https://rubygems.org/
  specs:
    activesupport (5.0.1)
      concurrent-ruby (~> 1.0, >= 1.0.2)
      i18n (~> 0.7)
      minitest (~> 5.1)
      tzinfo (~> 1.1)
    backports (3.6.8)
    concurrent-ruby (1.0.4)
    dalli (2.7.6)
    ffi (1.9.14)
    foreman (0.82.0)
      thor (~> 0.19.1)
    git-version-bump (0.15.1)
    haml (4.0.7)
      tilt
    i18n (0.7.0)
    json (2.0.2)
    kgio (2.11.0)
    minitest (5.10.1)
    multi_json (1.12.1)
    rack (1.6.5)
    rack-cache (1.6.1)
      rack (>= 0.4)
    rack-contrib (1.4.0)
      git-version-bump (~> 0.15)
      rack (~> 1.4)
    rack-protection (1.5.3)
      rack
    rack-test (0.6.3)
      rack (>= 1.0)
    raindrops (0.17.0)
    recursive-open-struct (1.0.2)
    rrd-ffi (0.2.14)
      activesupport
      ffi
    sinatra (1.4.7)
      rack (~> 1.5)
      rack-protection (~> 1.4)
      tilt (>= 1.3, < 3)
    sinatra-contrib (1.4.7)
      backports (>= 2.0)
      multi_json
      rack-protection
      rack-test
      sinatra (~> 1.4.0)
      tilt (>= 1.3, < 3)
    sinatra-flash (0.3.0)
      sinatra (>= 1.0.0)
    sinatra-json (0.1.0)
      multi_json (~> 1.0)
      sinatra (~> 1.0)
    sinatra-param (1.4.0)
      sinatra (~> 1.3)
    sinatra-partial (1.0.0)
      sinatra (~> 1.4)
    thor (0.19.4)
    thread_safe (0.3.5)
    tilt (2.0.5)
    tzinfo (1.2.2)
      thread_safe (~> 0.1)
    unicorn (5.2.0)
      kgio (~> 2.6)
      raindrops (~> 0.7)

PLATFORMS
  ruby

DEPENDENCIES
  dalli (~> 2.7.6)
  foreman (~> 0.82.0)
  haml (~> 4.0.7)
  json (~> 2.0.0)
  rack-cache (~> 1.6.1)
  rack-contrib (~> 1.4.0)
  recursive-open-struct (~> 1.0.2)
  rrd-ffi (~> 0.2.14)
  sinatra (~> 1.4.7)
  sinatra-contrib (~> 1.4.7)
  sinatra-flash (~> 0.3.0)
  sinatra-json (~> 0.1.0)
  sinatra-param (~> 1.4.0)
  sinatra-partial (~> 1.0.0)
  unicorn

RUBY VERSION
   ruby 2.3.1p112

BUNDLED WITH
   1.13.7
