GEM
  remote: https://rubygems.org/
  specs:
    activesupport (6.0.3.4)
      concurrent-ruby (~> 1.0, >= 1.0.2)
      i18n (>= 0.7, < 2)
      minitest (~> 5.1)
      tzinfo (~> 1.1)
      zeitwerk (~> 2.2, >= 2.2.2)
    concurrent-ruby (1.1.7)
    dalli (2.7.11)
    ffi (1.13.1)
    foreman (0.87.2)
    haml (5.2.0)
      temple (>= 0.8.0)
      tilt
    i18n (1.8.5)
      concurrent-ruby (~> 1.0)
    json (2.3.1)
    minitest (5.14.2)
    multi_json (1.15.0)
    mustermann (1.1.1)
      ruby2_keywords (~> 0.0.1)
    nio4r (2.5.4)
    puma (5.1.0)
      nio4r (~> 2.0)
    rack (2.2.3)
    rack-cache (1.12.1)
      rack (>= 0.4)
    rack-protection (2.1.0)
      rack
    recursive-open-struct (1.1.3)
    rrd-ffi (0.2.14)
      activesupport
      ffi
    ruby2_keywords (0.0.2)
    sinatra (2.1.0)
      mustermann (~> 1.0)
      rack (~> 2.2)
      rack-protection (= 2.1.0)
      tilt (~> 2.0)
    sinatra-contrib (2.1.0)
      multi_json
      mustermann (~> 1.0)
      rack-protection (= 2.1.0)
      sinatra (= 2.1.0)
      tilt (~> 2.0)
    sinatra-flash (0.3.0)
      sinatra (>= 1.0.0)
    sinatra-partial (1.0.1)
      sinatra (>= 1.4)
    temple (0.8.2)
    thread_safe (0.3.6)
    tilt (2.0.10)
    tzinfo (1.2.8)
      thread_safe (~> 0.1)
    zeitwerk (2.4.1)

PLATFORMS
  ruby

DEPENDENCIES
  dalli
  foreman
  haml
  json
  puma
  rack-cache
  recursive-open-struct
  rrd-ffi
  sinatra
  sinatra-contrib
  sinatra-flash
  sinatra-partial

RUBY VERSION
   ruby 2.7.2p137

BUNDLED WITH
   2.1.4
